GEM
  remote: https://rubygems.org/
  specs:
    biomart (0.2.3)
      builder (>= 3.0)
    builder (3.2.2)
    coderay (1.1.0)
    json (1.8.1)
    method_source (0.8.2)
    mini_portile (0.5.2)
    nokogiri (1.6.1)
      mini_portile (~> 0.5.0)
    pry (0.9.12.6)
      coderay (~> 1.0)
      method_source (~> 0.8)
      slop (~> 3.4)
    slop (3.4.7)

PLATFORMS
  ruby

DEPENDENCIES
  biomart (~> 0.2.3)
  json (~> 1.8.1)
  nokogiri (~> 1.6.1)
  pry
